GEM
  remote: https://rubygems.org/
  specs:
    actionmailer (3.2.17)
      actionpack (= 3.2.17)
      mail (~> 2.5.4)
    actionpack (3.2.17)
      activemodel (= 3.2.17)
      activesupport (= 3.2.17)
      builder (~> 3.0.0)
      erubis (~> 2.7.0)
      journey (~> 1.0.4)
      rack (~> 1.4.5)
      rack-cache (~> 1.2)
      rack-test (~> 0.6.1)
      sprockets (~> 2.2.1)
    activemodel (3.2.17)
      activesupport (= 3.2.17)
      builder (~> 3.0.0)
    activerecord (3.2.17)
      activemodel (= 3.2.17)
      activesupport (= 3.2.17)
      arel (~> 3.0.2)
      tzinfo (~> 0.3.29)
    activeresource (3.2.17)
      activemodel (= 3.2.17)
      activesupport (= 3.2.17)
    activesupport (3.2.17)
      i18n (~> 0.6, >= 0.6.4)
      multi_json (~> 1.0)
    addressable (2.3.6)
    ansi (1.4.3)
    arel (3.0.3)
    backports (3.6.0)
    bcrypt (3.1.7)
    bcrypt (3.1.7-java)
    bcrypt-ruby (3.1.5)
      bcrypt (>= 3.1.3)
    bcrypt-ruby (3.1.5-java)
      bcrypt (>= 3.1.3)
    bouncy-castle-java (1.5.0147)
    builder (3.0.4)
    charlock_holmes (0.6.9.4)
    copyright-header (1.0.12)
      github-linguist (~> 2.6.7)
    cuba (3.1.1)
      rack
    cuba-api (0.6.3)
      cuba (~> 3.1)
      ixtlan-babel (~> 0.4)
      multi_json (~> 1.6)
      safe_yaml (~> 0.8)
    daemons (1.1.9)
    data_objects (0.10.14)
      addressable (~> 2.1)
    descendants_tracker (0.0.3)
    dm-active_model (1.2.1)
      activemodel (~> 3.0)
      dm-core (~> 1.2.0)
    dm-aggregates (1.2.0)
      dm-core (~> 1.2.0)
    dm-constraints (1.2.0)
      dm-core (~> 1.2.0)
    dm-core (1.2.1)
      addressable (~> 2.3)
    dm-do-adapter (1.2.0)
      data_objects (~> 0.10.6)
      dm-core (~> 1.2.0)
    dm-migrations (1.2.0)
      dm-core (~> 1.2.0)
    dm-postgres-adapter (1.2.0)
      dm-do-adapter (~> 1.2.0)
      do_postgres (~> 0.10.6)
    dm-rails (1.2.1)
      actionpack (~> 3.0)
      dm-active_model (~> 1.2.0)
      dm-core (~> 1.2.0)
      railties (~> 3.0)
    dm-sqlite-adapter (1.2.0)
      dm-do-adapter (~> 1.2.0)
      do_sqlite3 (~> 0.10.6)
    dm-timestamps (1.2.0)
      dm-core (~> 1.2.0)
    dm-transactions (1.2.0)
      dm-core (~> 1.2.0)
    dm-types (1.2.2)
      bcrypt-ruby (~> 3.0)
      dm-core (~> 1.2.0)
      fastercsv (~> 1.5)
      json (~> 1.6)
      multi_json (~> 1.0)
      stringex (~> 1.4)
      uuidtools (~> 2.1)
    dm-validations (1.2.0)
      dm-core (~> 1.2.0)
    do_jdbc (0.10.14-java)
      data_objects (= 0.10.14)
    do_postgres (0.10.14)
      data_objects (= 0.10.14)
    do_postgres (0.10.14-java)
      data_objects (= 0.10.14)
      do_jdbc (= 0.10.14)
      jdbc-postgres (>= 8.2)
    do_sqlite3 (0.10.14)
      data_objects (= 0.10.14)
    do_sqlite3 (0.10.14-java)
      data_objects (= 0.10.14)
      do_jdbc (= 0.10.14)
      jdbc-sqlite3 (>= 3.5.8)
    enforce-ssl (0.2.2)
    erubis (2.7.0)
    escape_utils (0.3.2)
    eventmachine (1.0.3)
    factory_girl (2.6.4)
      activesupport (>= 2.3.9)
    fast_gettext (0.8.1)
    fastercsv (1.5.5)
    github-linguist (2.6.7)
      charlock_holmes (~> 0.6.6)
      escape_utils (~> 0.3.1)
      mime-types (~> 1.19)
      pygments.rb (~> 0.4.2)
    hike (1.2.3)
    i18n (0.6.9)
    ixtlan-audit (0.4.3)
      slf4r (~> 0.4.2)
    ixtlan-babel (0.5.0)
    ixtlan-error-handler (0.4.5)
      slf4r (~> 0.4.2)
    ixtlan-gettext (0.1.3)
      fast_gettext (~> 0.6)
      ixtlan-remote (~> 0.1)
    ixtlan-guard (0.9.0)
      virtus (~> 0.5)
    ixtlan-optimistic (0.2.4)
    ixtlan-remote (0.2.0)
      rest-client (~> 1.6.3)
    ixtlan-session-timeout (0.4.0)
    ixtlan-user-management (0.3.1)
      multi_json (~> 1.6)
      virtus (~> 0.5)
    jdbc-postgres (9.3.1101)
    jdbc-sqlite3 (3.7.2.1)
    journey (1.0.4)
    jruby-openssl (0.9.4)
      bouncy-castle-java (>= 1.5.0147)
    json (1.8.1)
    json (1.8.1-java)
    mail (2.5.4)
      mime-types (~> 1.16)
      treetop (~> 1.4.8)
    maven-tools (0.34.2)
      virtus (~> 0.5)
    mime-types (1.25.1)
    minitest (4.7.5)
    minitest-rails (0.9.2)
      minitest (~> 4.7)
      rails (>= 3.0)
    multi_json (1.9.2)
    polyglot (0.3.4)
    pony (1.8)
      mail (>= 2.0)
    posix-spawn (0.3.8)
    pygments.rb (0.4.2)
      posix-spawn (~> 0.3.6)
      yajl-ruby (~> 1.1.0)
    rack (1.4.5)
    rack-cache (1.2)
      rack (>= 0.4)
    rack-ssl (1.3.4)
      rack
    rack-test (0.6.2)
      rack (>= 1.0)
    rails (3.2.17)
      actionmailer (= 3.2.17)
      actionpack (= 3.2.17)
      activerecord (= 3.2.17)
      activeresource (= 3.2.17)
      activesupport (= 3.2.17)
      bundler (~> 1.0)
      railties (= 3.2.17)
    railties (3.2.17)
      actionpack (= 3.2.17)
      activesupport (= 3.2.17)
      rack-ssl (~> 1.3.2)
      rake (>= 0.8.7)
      rdoc (~> 3.4)
      thor (>= 0.14.6, < 2.0)
    rake (10.2.1)
    rdoc (3.12.2)
      json (~> 1.4)
    rest-client (1.6.7)
      mime-types (>= 1.16)
    ruby-maven (3.1.1.0.2)
      maven-tools (~> 0.33)
      ruby-maven-libs (= 3.1.1)
    ruby-maven-libs (3.1.1)
    safe_yaml (0.9.7)
    slf4r (0.4.2)
    sprockets (2.2.2)
      hike (~> 1.2)
      multi_json (~> 1.0)
      rack (~> 1.0)
      tilt (~> 1.1, != 1.3.0)
    stringex (1.5.1)
    thin (1.6.2)
      daemons (>= 1.0.9)
      eventmachine (>= 1.0.0)
      rack (>= 1.0.0)
    thor (0.19.1)
    tilt (1.4.1)
    treetop (1.4.15)
      polyglot
      polyglot (>= 0.3.1)
    turn (0.9.7)
      ansi
      minitest (~> 4)
    tzinfo (0.3.39)
    uuidtools (2.1.4)
    virtus (0.5.5)
      backports (~> 3.3)
      descendants_tracker (~> 0.0.1)
    yajl-ruby (1.1.0)

PLATFORMS
  java
  ruby

DEPENDENCIES
  copyright-header (~> 1.0.7)
  cuba-api (~> 0.2)
  dm-aggregates (~> 1.2.0)
  dm-constraints (~> 1.2.0)
  dm-migrations (~> 1.2.0)
  dm-postgres-adapter (~> 1.2.0)
  dm-rails (~> 1.2.0)
  dm-sqlite-adapter (~> 1.2.0)
  dm-timestamps (~> 1.2.0)
  dm-transactions (~> 1.2.0)
  dm-types (~> 1.2.0)
  dm-validations (~> 1.2.0)
  enforce-ssl (~> 0.2)
  factory_girl (< 3.0.0)
  ixtlan-audit (~> 0.3)
  ixtlan-babel (~> 0.2)
  ixtlan-error-handler (~> 0.3)
  ixtlan-gettext (~> 0.1)
  ixtlan-guard (~> 0.9)
  ixtlan-optimistic (~> 0.2.1)
  ixtlan-remote (~> 0.1)
  ixtlan-session-timeout
  ixtlan-user-management
  jruby-openssl
  minitest (~> 4.4)
  minitest-rails
  pony (~> 1.4)
  railties (~> 3.2.11)
  ruby-maven
  slf4r (~> 0.4.2)
  thin
  turn (~> 0.9.4)
  tzinfo (~> 0.3.32)
