GEM
  remote: https://rubygems.org/
  specs:
    actionmailer (3.2.9)
      actionpack (= 3.2.9)
      mail (~> 2.4.4)
    actionpack (3.2.9)
      activemodel (= 3.2.9)
      activesupport (= 3.2.9)
      builder (~> 3.0.0)
      erubis (~> 2.7.0)
      journey (~> 1.0.4)
      rack (~> 1.4.0)
      rack-cache (~> 1.2)
      rack-test (~> 0.6.1)
      sprockets (~> 2.2.1)
    activemodel (3.2.9)
      activesupport (= 3.2.9)
      builder (~> 3.0.0)
    activerecord (3.2.9)
      activemodel (= 3.2.9)
      activesupport (= 3.2.9)
      arel (~> 3.0.2)
      tzinfo (~> 0.3.29)
    activeresource (3.2.9)
      activemodel (= 3.2.9)
      activesupport (= 3.2.9)
    activesupport (3.2.9)
      i18n (~> 0.6)
      multi_json (~> 1.0)
    addressable (2.2.8)
    ansi (1.4.3)
    arel (3.0.2)
    backports (2.6.5)
    bcrypt-ruby (3.0.1)
    bcrypt-ruby (3.0.1-java)
    builder (3.0.4)
    copyright-header (1.0.7)
    data_objects (0.10.10)
      addressable (~> 2.1)
    descendants_tracker (0.0.1)
    dm-active_model (1.2.1)
      activemodel (~> 3.0)
      dm-core (~> 1.2.0)
    dm-aggregates (1.2.0)
      dm-core (~> 1.2.0)
    dm-constraints (1.2.0)
      dm-core (~> 1.2.0)
    dm-core (1.2.0)
      addressable (~> 2.2.6)
    dm-do-adapter (1.2.0)
      data_objects (~> 0.10.6)
      dm-core (~> 1.2.0)
    dm-migrations (1.2.0)
      dm-core (~> 1.2.0)
    dm-observer (1.2.0)
      dm-core (~> 1.2.0)
    dm-postgres-adapter (1.2.0)
      dm-do-adapter (~> 1.2.0)
      do_postgres (~> 0.10.6)
    dm-rails (1.2.1)
      actionpack (~> 3.0)
      dm-active_model (~> 1.2.0)
      dm-core (~> 1.2.0)
      railties (~> 3.0)
    dm-sqlite-adapter (1.2.0)
      dm-do-adapter (~> 1.2.0)
      do_sqlite3 (~> 0.10.6)
    dm-timestamps (1.2.0)
      dm-core (~> 1.2.0)
    dm-transactions (1.2.0)
      dm-core (~> 1.2.0)
    dm-types (1.2.2)
      bcrypt-ruby (~> 3.0)
      dm-core (~> 1.2.0)
      fastercsv (~> 1.5)
      json (~> 1.6)
      multi_json (~> 1.0)
      stringex (~> 1.4)
      uuidtools (~> 2.1)
    dm-validations (1.2.0)
      dm-core (~> 1.2.0)
    do_postgres (0.10.10)
      data_objects (= 0.10.10)
    do_sqlite3 (0.10.10)
      data_objects (= 0.10.10)
    erubis (2.7.0)
    factory_girl (2.6.4)
      activesupport (>= 2.3.9)
    fast_gettext (0.7.0)
    fastercsv (1.5.5)
    hike (1.2.1)
    i18n (0.6.1)
    ixtlan-babel (0.2.1)
    ixtlan-gettext (0.1.0)
      fast_gettext (~> 0.6)
      ixtlan-remote (~> 0.1)
    ixtlan-guard (0.9.0)
      virtus (~> 0.5)
    ixtlan-optimistic (0.2.0)
    ixtlan-remote (0.1.1)
      rest-client (~> 1.6.3)
    ixtlan-session-timeout (0.4.0)
    journey (1.0.4)
    json (1.7.6)
    mail (2.4.4)
      i18n (>= 0.4.0)
      mime-types (~> 1.16)
      treetop (~> 1.4.8)
    maven-tools (0.30.0)
    mime-types (1.19)
    minitest (4.3.3)
    minitest-rails (0.3)
      minitest (~> 4.0)
      rails (~> 3.0)
    multi_json (1.5.0)
    polyglot (0.3.3)
    rack (1.4.1)
    rack-cache (1.2)
      rack (>= 0.4)
    rack-ssl (1.3.2)
      rack
    rack-test (0.6.2)
      rack (>= 1.0)
    rails (3.2.9)
      actionmailer (= 3.2.9)
      actionpack (= 3.2.9)
      activerecord (= 3.2.9)
      activeresource (= 3.2.9)
      activesupport (= 3.2.9)
      bundler (~> 1.0)
      railties (= 3.2.9)
    railties (3.2.9)
      actionpack (= 3.2.9)
      activesupport (= 3.2.9)
      rack-ssl (~> 1.3.2)
      rake (>= 0.8.7)
      rdoc (~> 3.4)
      thor (>= 0.14.6, < 2.0)
    rake (10.0.3)
    rdoc (3.12)
      json (~> 1.4)
    rest-client (1.6.7)
      mime-types (>= 1.16)
    ruby-maven (3.0.4.1.1)
      maven-tools (~> 0.29)
      thor (>= 0.14.6, < 2.0)
    sprockets (2.2.2)
      hike (~> 1.2)
      multi_json (~> 1.0)
      rack (~> 1.0)
      tilt (~> 1.1, != 1.3.0)
    stringex (1.5.1)
    thor (0.16.0)
    tilt (1.3.3)
    treetop (1.4.12)
      polyglot
      polyglot (>= 0.3.1)
    turn (0.9.6)
      ansi
    tzinfo (0.3.35)
    uuidtools (2.1.3)
    virtus (0.5.4)
      backports (~> 2.6.1)
      descendants_tracker (~> 0.0.1)

PLATFORMS
  java
  ruby

DEPENDENCIES
  actionpack (~> 3.2.9)
  activesupport (~> 3.2.9)
  copyright-header (~> 1.0.7)
  dm-aggregates (~> 1.2.0)
  dm-constraints (~> 1.2.0)
  dm-migrations (~> 1.2.0)
  dm-observer (~> 1.2.0)
  dm-postgres-adapter (~> 1.2.0)
  dm-rails (~> 1.2.1)
  dm-sqlite-adapter (~> 1.2.0)
  dm-timestamps (~> 1.2.0)
  dm-transactions (~> 1.2.0)
  dm-types (~> 1.2.0)
  dm-validations (~> 1.2.0)
  factory_girl (< 3.0.0)
  ixtlan-babel
  ixtlan-gettext
  ixtlan-guard
  ixtlan-optimistic
  ixtlan-remote
  ixtlan-session-timeout
  maven-tools
  minitest
  minitest-rails
  railties (~> 3.2.9)
  ruby-maven
  turn (~> 0.9.4)
  tzinfo (~> 0.3.32)
  virtus (~> 0.5.0)
